GEM
  remote: https://rubygems.org/
  specs:
    activesupport (5.0.1)
      concurrent-ruby (~> 1.0, >= 1.0.2)
      i18n (~> 0.7)
      minitest (~> 5.1)
      tzinfo (~> 1.1)
    addressable (2.5.0)
      public_suffix (~> 2.0, >= 2.0.2)
    concurrent-ruby (1.0.4)
    faraday (0.10.0)
      multipart-post (>= 1.2, < 3)
    gitlab (4.1.0)
      httparty
      terminal-table
    httparty (0.15.5)
      multi_xml (>= 0.5.2)
    i18n (0.8.0)
    json (1.8.3)
    minitest (5.10.1)
    multi_xml (0.6.0)
    multipart-post (2.0.0)
    octokit (4.6.2)
      sawyer (~> 0.8.0, >= 0.5.3)
    public_suffix (2.0.4)
    retries (0.0.5)
    sawyer (0.8.1)
      addressable (>= 2.3.5, < 2.6)
      faraday (~> 0.8, < 1.0)
    terminal-table (1.8.0)
      unicode-display_width (~> 1.1, >= 1.1.1)
    thread_safe (0.3.5)
    tzinfo (1.2.2)
      thread_safe (~> 0.1)
    unicode-display_width (1.3.0)

PLATFORMS
  ruby

DEPENDENCIES
  activesupport
  bundler
  gitlab (~> 4.1)
  json
  octokit (~> 4.0)
  retries

BUNDLED WITH
   1.12.5
